GEM
  remote: https://rubygems.org/
  specs:
    sexpistol (0.0.7)

PLATFORMS
  ruby

DEPENDENCIES
  sexpistol

BUNDLED WITH
   1.10.4
